PATH
  remote: .
  specs:
    sanitized_attributes (1.3.0)
      sanitize (~> 4.6.4)

GEM
  remote: https://rubygems.org/
  specs:
    coderay (1.1.2)
    crass (1.0.3)
    diff-lcs (1.2.5)
    method_source (0.8.2)
    mini_portile2 (2.3.0)
    nokogiri (1.8.2)
      mini_portile2 (~> 2.3.0)
    nokogumbo (1.5.0)
      nokogiri
    pry (0.10.4)
      coderay (~> 1.1.0)
      method_source (~> 0.8.1)
      slop (~> 3.4)
    rspec (3.3.0)
      rspec-core (~> 3.3.0)
      rspec-expectations (~> 3.3.0)
      rspec-mocks (~> 3.3.0)
    rspec-core (3.3.2)
      rspec-support (~> 3.3.0)
    rspec-expectations (3.3.1)
      diff-lcs (>= 1.2.0, < 2.0)
      rspec-support (~> 3.3.0)
    rspec-mocks (3.3.2)
      diff-lcs (>= 1.2.0, < 2.0)
      rspec-support (~> 3.3.0)
    rspec-support (3.3.0)
    sanitize (4.6.4)
      crass (~> 1.0.2)
      nokogiri (>= 1.4.4)
      nokogumbo (~> 1.4)
    slop (3.6.0)

PLATFORMS
  ruby

DEPENDENCIES
  pry
  rspec (~> 3.3.0)
  sanitized_attributes!

BUNDLED WITH
   1.15.4
